PATH
  remote: ..
  specs:
    pidfile (0.3.1)

GEM
  remote: https://rubygems.org/
  specs:

PLATFORMS
  ruby
  x86_64-darwin-23

DEPENDENCIES
  pidfile!

BUNDLED WITH
   2.5.16
